PATH
  remote: .
  specs:
    mt940 (0.6.6)

GEM
  remote: http://rubygems.org/
  specs:
    rake (0.8.7)
    shoulda (2.11.3)

PLATFORMS
  ruby

DEPENDENCIES
  mt940!
  rake (= 0.8.7)
  shoulda
